GEM
  remote: http://rubygems.org/
  specs:
    coderay (1.1.1)
    diff-lcs (1.2.5)
    dotenv (2.1.1)
    grape (0.1.5)
      multi_json
      multi_xml
      rack
      rack-jsonp
      rack-mount
    httparty (0.13.7)
      json (~> 1.8)
      multi_xml (>= 0.5.2)
    json (1.8.3)
    method_source (0.8.2)
    multi_json (1.10.1)
    multi_xml (0.5.5)
    phabulous (0.0.2)
      httparty (~> 0.13)
    pry (0.10.3)
      coderay (~> 1.1.0)
      method_source (~> 0.8.1)
      slop (~> 3.4)
    rack (1.6.4)
    rack-jsonp (1.3.1)
      rack
    rack-mount (0.8.3)
      rack (>= 1.0.0)
    rack-test (0.6.3)
      rack (>= 1.0)
    rspec (3.4.0)
      rspec-core (~> 3.4.0)
      rspec-expectations (~> 3.4.0)
      rspec-mocks (~> 3.4.0)
    rspec-core (3.4.4)
      rspec-support (~> 3.4.0)
    rspec-expectations (3.4.0)
      diff-lcs (>= 1.2.0, < 2.0)
      rspec-support (~> 3.4.0)
    rspec-mocks (3.4.1)
      diff-lcs (>= 1.2.0, < 2.0)
      rspec-support (~> 3.4.0)
    rspec-support (3.4.1)
    slack-notifier (1.5.1)
    slop (3.6.0)

PLATFORMS
  ruby

DEPENDENCIES
  dotenv
  grape
  phabulous
  pry
  rack-test
  rspec
  slack-notifier
